Brain Vision Data Exchange Header File Version 1.0
; Data created by the Vision Recorder

[Common Infos]
Codepage=UTF-8
DataFile=RSVP_login_VPeal.eeg
MarkerFile=RSVP_login_VPeal.vmrk
DataFormat=BINARY
; Data orientation: MULTIPLEXED=ch1,pt1, ch2,pt1 ...
DataOrientation=MULTIPLEXED
NumberOfChannels=32
; Sampling interval in microseconds
SamplingInterval=2000

[Binary Infos]
BinaryFormat=INT_16

[Channel Infos]
; Each entry: Ch<Channel number>=<Name>,<Reference channel name>,
; <Resolution in "Unit">,<Unit>, Future extensions..
; Fields are delimited by commas, some fields might be omitted (empty).
; Commas in channel names are coded as "\1".
Ch1=F7,,0.1,µV
Ch2=F3,,0.1,µV
Ch3=Fz,,0.1,µV
Ch4=F4,,0.1,µV
Ch5=F8,,0.1,µV
Ch6=FC5,,0.1,µV
Ch7=FC1,,0.1,µV
Ch8=FC2,,0.1,µV
Ch9=FC6,,0.1,µV
Ch10=T7,,0.1,µV
Ch11=C3,,0.1,µV
Ch12=Cz,,0.1,µV
Ch13=C4,,0.1,µV
Ch14=T8,,0.1,µV
Ch15=CP5,,0.1,µV
Ch16=CP1,,0.1,µV
Ch17=CP2,,0.1,µV
Ch18=CP6,,0.1,µV
Ch19=P7,,0.1,µV
Ch20=P3,,0.1,µV
Ch21=Pz,,0.1,µV
Ch22=P4,,0.1,µV
Ch23=P8,,0.1,µV
Ch24=PO3,,0.1,µV
Ch25=PO4,,0.1,µV
Ch26=O1,,0.1,µV
Ch27=Oz,,0.1,µV
Ch28=O2,,0.1,µV
Ch29=F9,,0.1,µV
Ch30=F10,,0.1,µV
Ch31=Fp2,,0.1,µV
Ch32=EOGv1,,0.1,µV

[Comment]

A m p l i f i e r  S e t u p
============================
Number of channels: 32
Sampling Rate [Hz]: 500
Sampling Interval [µS]: 2000

Channels
--------
#     Name      Phys. Chn.    Resolution / Unit   Low Cutoff [s]   High Cutoff [Hz]   Notch [Hz]    Series Res. [kOhm] Gradient         Offset
1     F7          1                0.1 µV             10             1000              Off                0                 
2     F3          2                0.1 µV             10             1000              Off                0                 
3     Fz          3                0.1 µV             10             1000              Off                0                 
4     F4          4                0.1 µV             10             1000              Off                0                 
5     F8          5                0.1 µV             10             1000              Off                0                 
6     FC5         6                0.1 µV             10             1000              Off                0                 
7     FC1         7                0.1 µV             10             1000              Off                0                 
8     FC2         8                0.1 µV             10             1000              Off                0                 
9     FC6         9                0.1 µV             10             1000              Off                0                 
10    T7          10               0.1 µV             10             1000              Off                0                 
11    C3          11               0.1 µV             10             1000              Off                0                 
12    Cz          12               0.1 µV             10             1000              Off                0                 
13    C4          13               0.1 µV             10             1000              Off                0                 
14    T8          14               0.1 µV             10             1000              Off                0                 
15    CP5         15               0.1 µV             10             1000              Off                0                 
16    CP1         16               0.1 µV             10             1000              Off                0                 
17    CP2         17               0.1 µV             10             1000              Off                0                 
18    CP6         18               0.1 µV             10             1000              Off                0                 
19    P7          19               0.1 µV             10             1000              Off                0                 
20    P3          20               0.1 µV             10             1000              Off                0                 
21    Pz          21               0.1 µV             10             1000              Off                0                 
22    P4          22               0.1 µV             10             1000              Off                0                 
23    P8          23               0.1 µV             10             1000              Off                0                 
24    PO3         24               0.1 µV             10             1000              Off                0                 
25    PO4         25               0.1 µV             10             1000              Off                0                 
26    O1          26               0.1 µV             10             1000              Off                0                 
27    Oz          27               0.1 µV             10             1000              Off                0                 
28    O2          28               0.1 µV             10             1000              Off                0                 
29    F9          29               0.1 µV             10             1000              Off                0                 
30    F10         30               0.1 µV             10             1000              Off                0                 
31    Fp2         31               0.1 µV             10             1000              Off                0                 
32    EOGv1       32               0.1 µV             10             1000              Off                0                 

S o f t w a r e  F i l t e r s
==============================
#     Low Cutoff [s]   High Cutoff [Hz]   Notch [Hz]
1      0.3              70                 60
2      0.3              70                 60
3      0.3              70                 60
4      0.3              70                 60
5      0.3              70                 60
6      0.3              70                 60
7      0.3              70                 60
8      0.3              70                 60
9      0.3              70                 60
10     0.3              70                 60
11     0.3              70                 60
12     0.3              70                 60
13     0.3              70                 60
14     0.3              70                 60
15     0.3              70                 60
16     0.3              70                 60
17     0.3              70                 60
18     0.3              70                 60
19     0.3              70                 60
20     0.3              70                 60
21     0.3              70                 60
22     0.3              70                 60
23     0.3              70                 60
24     0.3              70                 60
25     0.3              70                 60
26     0.3              70                 60
27     0.3              70                 60
28     0.3              70                 60
29     0.3              70                 60
30     0.3              70                 60
31     0.3              70                 60
32     0.3              70                 60


Data Electrodes Selected Impedance Measurement Range: 0 - 100 kOhm
Impedance [kOhm] at 18:13:11 :
F7:           4
F3:           5
Fz:           7
F4:           3
F8:           8
FC5:          6
FC1:          4
FC2:          3
FC6:          6
T7:           4
C3:           8
Cz:           5
C4:           2
T8:           8
CP5:          8
CP1:          2
CP2:          4
CP6:          5
P7:           8
P3:           7
Pz:           6
P4:           6
P8:           8
PO3:          6
PO4:          7
O1:           7
Oz:           7
O2:           7
F9:           7
F10:          2
Fp2:          7
EOGv1:        3
Ref:          3
Gnd:          2
