Brain Vision Data Exchange Header File Version 1.0
; Data exported from BBCI Matlab Toolbox

[Common Infos]
DataFile=RSVP_login_dry_VPeal.eeg
MarkerFile=RSVP_login_dry_VPeal.vmrk
DataFormat=BINARY
DataOrientation=MULTIPLEXED
NumberOfChannels=16
DataPoints=0
SamplingInterval=833.333

[Binary Infos]
BinaryFormat=INT_16
UseBigEndianOrder=NO

[Channel Infos]
Ch1=F3,,0.1
Ch2=F4,,0.1
Ch3=FC1,,0.1
Ch4=FC2,,0.1
Ch5=C3,,0.1
Ch6=Cz,,0.1
Ch7=C4,,0.1
Ch8=CP5,,0.1
Ch9=CP1,,0.1
Ch10=CP2,,0.1
Ch11=CP6,,0.1
Ch12=P3,,0.1
Ch13=Pz,,0.1
Ch14=P4,,0.1
Ch15=O1,,0.1
Ch16=O2,,0.1

